GEM
  remote: https://rubygems.org/
  specs:
    minitest (5.23.0)

PLATFORMS
  arm64-darwin-23
  ruby

DEPENDENCIES
  minitest (~> 5.23)

BUNDLED WITH
   2.5.7
